GIT
  remote: https://github.com/Sija/garb.git
  revision: 72ce3c61ea8ddee620cd3bfbceda92b7f8afdaef
  ref: 72ce3c61
  specs:
    garb (0.9.7)
      activesupport (>= 2.2)
      multi_json (>= 1.3)

GIT
  remote: https://github.com/avokhmin/redvine.git
  revision: 6c8cb535b632fd9ebad8950f9ea68cc9f02e6537
  ref: 6c8cb535b632fd9ebad8950f9ea68cc9f02e6537
  specs:
    redvine (0.2)
      hashie
      httparty

GIT
  remote: https://github.com/borc/rubypress.git
  revision: 1215e24131fb72ac909c93e58ba39ea427f9b6af
  specs:
    rubypress (1.0.3)

GIT
  remote: https://github.com/borc/twitter.git
  revision: c73f8c41442c4c4cb69229de73360e2d121966d1
  ref: c73f8c4
  specs:
    twitter (5.15.0)
      addressable (~> 2.3)
      buftok (~> 0.2.0)
      equalizer (~> 0.0.11)
      http (~> 2.0)
      http-form_data (~> 1.0)
      http_parser.rb (~> 0.6.0)
      memoizable (~> 0.4.0)
      multipart-post (~> 2.0)
      naught (~> 1.0)
      simple_oauth (~> 0.3.0)

GIT
  remote: https://github.com/peritpatrio/acts-as-taggable-on
  revision: 6094e3e87f52983b132a5897b3a29049d7622421
  ref: 6094e3e87f52983b132a5897b3a29049d7622421
  specs:
    acts-as-taggable-on (3.5.0)
      activerecord (>= 3.2, < 5)

GIT
  remote: https://github.com/peritpatrio/themes_for_rails.git
  revision: 638a9183afa0fab38522e8ef0f5789520ac71431
  ref: 638a918
  specs:
    themes_for_rails (0.5.2)
      rails (>= 3.0.0)

GIT
  remote: https://github.com/randym/axlsx.git
  revision: 5a8a685c5acf91fb40c4e42b18de61dbbbd18f57
  ref: 5a8a685c5acf91fb40c4e42b18de61dbbbd18f57
  specs:
    axlsx (2.1.0.pre)
      htmlentities (~> 4.3.4)
      mimemagic (~> 0.3)
      nokogiri (>= 1.6.6)
      rubyzip (>= 1.2.1)

GIT
  remote: https://github.com/tophattom/opengraph_parser.git
  revision: 2c4037e6e5c6a6292ba84fdb52789c60ad6c8982
  ref: 2c4037e
  specs:
    opengraph_parser (0.2.3)
      addressable
      nokogiri

GEM
  remote: https://rubygems.org/
  specs:
    actionmailer (4.1.16)
      actionpack (= 4.1.16)
      actionview (= 4.1.16)
      mail (~> 2.5, >= 2.5.4)
    actionpack (4.1.16)
      actionview (= 4.1.16)
      activesupport (= 4.1.16)
      rack (~> 1.5.2)
      rack-test (~> 0.6.2)
    actionview (4.1.16)
      activesupport (= 4.1.16)
      builder (~> 3.1)
      erubis (~> 2.7.0)
    active_conductor (0.2.2)
      activemodel (>= 3.0.0)
    active_record_query_trace (1.5.4)
    activemodel (4.1.16)
      activesupport (= 4.1.16)
      builder (~> 3.1)
    activerecord (4.1.16)
      activemodel (= 4.1.16)
      activesupport (= 4.1.16)
      arel (~> 5.0.0)
    activesupport (4.1.16)
      i18n (~> 0.6, >= 0.6.9)
      json (~> 1.7, >= 1.7.7)
      minitest (~> 5.1)
      thread_safe (~> 0.1)
      tzinfo (~> 1.1)
    acts_as_tree (2.7.1)
      activerecord (>= 3.0.0)
    addressable (2.5.2)
      public_suffix (>= 2.0.2, < 4.0)
    after_commit_exception_notification (0.2.0)
      activerecord
    airbrussh (1.3.0)
      sshkit (>= 1.6.1, != 1.7.0)
    akami (1.3.1)
      gyoku (>= 0.4.0)
      nokogiri
    amazon-ecs (2.5.0)
      nokogiri (~> 1.4)
      ruby-hmac (~> 0.3)
    ansi (1.5.0)
    arel (5.0.1.20140414130214)
    ast (2.3.0)
    attr_encrypted (3.0.3)
      encryptor (~> 3.0.0)
    auth0 (4.1.0)
      rest-client (~> 1.8.0)
    awrence (1.0.0)
    axlsx_rails (0.5.1)
      actionpack (>= 3.1)
      axlsx (>= 2.0.1)
    bcrypt (3.1.11)
    bcrypt-ruby (3.1.5)
      bcrypt (>= 3.1.3)
    buftok (0.2.0)
    builder (3.2.3)
    bullet (5.7.2)
      activesupport (>= 3.0.0)
      uniform_notifier (~> 1.11.0)
    camertron-eprun (1.1.1)
    cancancan (1.15.0)
    capistrano (3.10.1)
      airbrussh (>= 1.0.0)
      i18n
      rake (>= 10.0.0)
      sshkit (>= 1.9.0)
    capistrano-bundler (1.3.0)
      capistrano (~> 3.1)
      sshkit (~> 1.2)
    capistrano-rails (1.3.1)
      capistrano (~> 3.1)
      capistrano-bundler (~> 1.1)
    capybara (2.17.0)
      addressable
      mini_mime (>= 0.1.3)
      nokogiri (>= 1.3.3)
      rack (>= 1.0.0)
      rack-test (>= 0.5.4)
      xpath (>= 2.0, < 4.0)
    celluloid (0.16.0)
      timers (~> 4.0.0)
    clarinet (0.5.1)
      addressable (~> 2.5)
      httparty (~> 0.14)
    cldr-plurals-runtime-rb (1.0.1)
    cliver (0.3.2)
    coderay (1.1.2)
    coffee-rails (4.2.1)
      coffee-script (>= 2.2.0)
      railties (>= 4.0.0, < 5.2.x)
    coffee-script (2.4.1)
      coffee-script-source
      execjs
    coffee-script-source (1.12.2)
    colorize (0.8.1)
    concurrent-ruby (1.0.4)
    connection_pool (2.2.1)
    cookiejar (0.3.2)
    countries (0.9.3)
      currencies (~> 0.4.2)
    country_select (2.0.0)
      countries (~> 0.9, >= 0.9.3)
    crack (0.4.3)
      safe_yaml (~> 1.0.0)
    crass (1.0.2)
    css_parser (1.6.0)
      addressable
    curb (0.9.4)
    currencies (0.4.2)
    daemons (1.2.3)
    database_cleaner (1.6.2)
    devise (3.5.10)
      bcrypt (~> 3.0)
      orm_adapter (~> 0.1)
      railties (>= 3.2.6, < 5)
      responders
      thread_safe (~> 0.1)
      warden (~> 1.2.3)
    dogstatsd-ruby (1.5.0)
    domain_name (0.5.20170404)
      unf (>= 0.0.5, < 1.0.0)
    ejson (1.1.0)
    elasticsearch (2.0.2)
      elasticsearch-api (= 2.0.2)
      elasticsearch-transport (= 2.0.2)
    elasticsearch-api (2.0.2)
      multi_json
    elasticsearch-transport (2.0.2)
      faraday
      multi_json
    em-http-request (1.1.2)
      addressable (>= 2.3.4)
      cookiejar
      em-socksify (>= 0.3)
      eventmachine (>= 1.0.3)
      http_parser.rb (>= 0.6.0)
    em-socksify (0.3.1)
      eventmachine (>= 1.0.0.beta.4)
    em-twitter (0.3.5)
      buftok (~> 0.2)
      eventmachine (~> 1.0)
      http_parser.rb (~> 0.6)
      simple_oauth (~> 0.2)
    encryptor (3.0.0)
    equalizer (0.0.11)
    erubis (2.7.0)
    eventmachine (1.0.8)
    excon (0.45.4)
    execjs (2.7.0)
    factory_bot (4.8.2)
      activesupport (>= 3.0.0)
    factory_bot_rails (4.8.2)
      factory_bot (~> 4.8.2)
      railties (>= 3.0.0)
    faker (1.8.7)
      i18n (>= 0.7)
    faraday (0.9.2)
      multipart-post (>= 1.2, < 3)
    faraday_middleware (0.9.2)
      faraday (>= 0.7.4, < 0.10)
    fast_blank (1.0.0)
    fastimage (2.1.1)
    feedjira (2.1.2)
      faraday (>= 0.9)
      faraday_middleware (>= 0.9)
      loofah (>= 2.0)
      sax-machine (>= 1.0)
    ffi (1.9.17)
    fog-core (1.35.0)
      builder
      excon (~> 0.45)
      formatador (~> 0.2)
    fog-json (1.0.2)
      fog-core (~> 1.0)
      multi_json (~> 1.10)
    fog-rackspace (0.1.1)
      fog-core (>= 1.35)
      fog-json (>= 1.0)
      fog-xml (>= 0.1)
      ipaddress (>= 0.8)
    fog-xml (0.1.2)
      fog-core
      nokogiri (~> 1.5, >= 1.5.11)
    font-awesome-rails (4.7.0.1)
      railties (>= 3.2, < 5.1)
    fork (1.0.1)
    fork_break (0.1.4)
      fork (= 1.0.1)
    formatador (0.2.5)
    get_process_mem (0.2.1)
    google-api-client (0.9.2)
      activesupport (>= 3.2)
      addressable (~> 2.3)
      googleauth (~> 0.5)
      httpclient (~> 2.7)
      hurley (~> 0.1)
      memoist (~> 0.11)
      mime-types (>= 1.6)
      multi_json (~> 1.11)
      representable (~> 2.3.0)
      retriable (~> 2.0)
      thor (~> 0.19)
    google_plus (0.2.4)
      json
      rest-client (~> 1.6)
    googleauth (0.5.1)
      faraday (~> 0.9)
      jwt (~> 1.4)
      logging (~> 2.0)
      memoist (~> 0.12)
      multi_json (~> 1.11)
      os (~> 0.9)
      signet (~> 0.7)
    gyoku (1.3.1)
      builder (>= 2.1.2)
    haml (4.0.7)
      tilt
    handlebars_assets (0.23.2)
      execjs (~> 2.0)
      sprockets (>= 2.0.0)
      tilt (>= 1.2)
    hashdiff (0.3.7)
    hashie (3.5.7)
    hipchat (1.6.0)
      httparty
      mimemagic
    hitimes (1.2.4)
    hominid-wout (3.0.6)
    html_truncator (0.4.2)
      nokogiri (~> 1.5)
    htmlentities (4.3.4)
    httmultiparty (0.3.16)
      httparty (>= 0.7.3)
      mimemagic
      multipart-post
    http (2.0.3)
      addressable (~> 2.3)
      http-cookie (~> 1.0)
      http-form_data (~> 1.0.1)
      http_parser.rb (~> 0.6.0)
    http-cookie (1.0.3)
      domain_name (~> 0.5)
    http-form_data (1.0.1)
    http_parser.rb (0.6.0)
    httparty (0.14.0)
      multi_xml (>= 0.5.2)
    httpclient (2.7.1)
    httpi (2.4.2)
      rack
      socksify
    hurley (0.2)
    i18n (0.8.4)
    idn-ruby (0.1.0)
    instagram (1.1.6)
      faraday (>= 0.7, < 0.10)
      faraday_middleware (>= 0.8, < 0.10)
      hashie (>= 0.4.0)
      multi_json (~> 1.0, >= 1.0.3)
    intercom (3.5.23)
      json (>= 1.8)
    intercom-rails (0.3.8)
      activesupport (> 3.0)
    ipaddress (0.8.3)
    iso8601 (0.9.1)
    jbuilder (1.5.0)
      activesupport (>= 3.0.0)
      multi_json (>= 1.2.0)
    jquery-fileupload-rails (0.3.5)
      actionpack (>= 3.1)
      railties (>= 3.1)
    jquery-rails (3.1.4)
      railties (>= 3.0, < 5.0)
      thor (>= 0.14, < 2.0)
    jquery-ui-rails (5.0.5)
      railties (>= 3.2.16)
    json (1.8.6)
    jwt (1.5.6)
    kaminari (0.17.0)
      actionpack (>= 3.0.0)
      activesupport (>= 3.0.0)
    kgio (2.11.2)
    koala (1.11.1)
      addressable
      faraday
      multi_json
    konacha (4.0.0)
      actionpack (>= 4.1, < 5)
      capybara
      colorize
      railties (>= 4.1, < 5)
      sprockets (>= 2, < 4)
      sprockets-rails (>= 2, < 4)
      tilt
    language_list (1.2.1)
    launchy (2.4.3)
      addressable (~> 2.3)
    libv8 (3.16.14.17)
    linkedin-oauth2 (1.0.0)
      faraday (~> 0.9)
      hashie (~> 3.2)
      oauth2 (~> 1.0)
    listen (2.10.1)
      celluloid (~> 0.16.0)
      rb-fsevent (>= 0.9.3)
      rb-inotify (>= 0.9)
    little-plugger (1.1.4)
    logging (2.0.0)
      little-plugger (~> 1.1)
      multi_json (~> 1.10)
    lograge (0.9.0)
      actionpack (>= 4)
      activesupport (>= 4)
      railties (>= 4)
      request_store (~> 1.0)
    logstash-event (1.2.02)
    logstash-logger (0.26.0)
      logstash-event (~> 1.2)
    loofah (2.1.1)
      crass (~> 1.0.2)
      nokogiri (>= 1.5.9)
    mail (2.6.4)
      mime-types (>= 1.16, < 4)
    maildir (2.2.1)
    mailman (0.7.3)
      activesupport (>= 2.3.4)
      i18n (>= 0.4.1)
      listen (~> 2.2)
      mail (>= 2.0.3)
      maildir (>= 0.5.0)
    memoist (0.14.0)
    memoizable (0.4.2)
      thread_safe (~> 0.3, >= 0.3.1)
    memory_profiler (0.9.8)
    method_source (0.9.0)
    mime-types (2.99.3)
    mimemagic (0.3.2)
    mini_magick (3.7.0)
      subexec (~> 0.2.1)
    mini_mime (1.0.0)
    mini_portile2 (2.3.0)
    minitest (5.11.3)
    minitest-rails (2.2.1)
      minitest (~> 5.7)
      railties (~> 4.1)
    minitest-stub-const (0.6)
    msgpack (1.2.2)
    multi_json (1.13.1)
    multi_xml (0.6.0)
    multipart-post (2.0.0)
    mysql2 (0.3.20)
    naught (1.1.0)
    nested_form (0.3.2)
    net-scp (1.2.1)
      net-ssh (>= 2.6.5)
    net-ssh (4.2.0)
    net_http_timeout_errors (0.3.0)
    netrc (0.11.0)
    nokogiri (1.8.2)
      mini_portile2 (~> 2.3.0)
    non-stupid-digest-assets (1.0.9)
      sprockets (>= 2.0)
    nori (2.6.0)
    oauth (0.4.7)
    oauth2 (1.4.0)
      faraday (>= 0.8, < 0.13)
      jwt (~> 1.0)
      multi_json (~> 1.3)
      multi_xml (~> 0.5)
      rack (>= 1.2, < 3)
    oauth2-client (2.0.0)
      addressable (~> 2.3)
      bcrypt-ruby (~> 3.0)
    oga (2.13)
      ast
      ruby-ll (~> 2.1)
    oj (2.18.2)
    omniauth (1.4.2)
      hashie (>= 1.2, < 4)
      rack (>= 1.0, < 3)
    omniauth-google-oauth2 (0.5.3)
      jwt (>= 1.5)
      omniauth (>= 1.1.1)
      omniauth-oauth2 (>= 1.5)
    omniauth-oauth2 (1.5.0)
      oauth2 (~> 1.1)
      omniauth (~> 1.2)
    orm_adapter (0.5.0)
    os (0.9.6)
    parallel (1.12.1)
    parser (2.4.0.2)
      ast (~> 2.3)
    pdf-core (0.7.0)
    plissken (0.2.0)
      symbolize (~> 4.2)
    poltergeist (1.17.0)
      capybara (~> 2.1)
      cliver (~> 0.3.1)
      websocket-driver (>= 0.2.0)
    powerpack (0.1.1)
    prawn (2.2.2)
      pdf-core (~> 0.7.0)
      ttfunk (~> 1.5)
    prawn-svg (0.27.1)
      css_parser (~> 1.3)
      prawn (>= 0.11.1, < 3)
    pry (0.11.3)
      coderay (~> 1.1.0)
      method_source (~> 0.9.0)
    pry-rails (0.3.6)
      pry (>= 0.10.4)
    public_suffix (3.0.1)
    pusher (1.3.1)
      httpclient (~> 2.7)
      multi_json (~> 1.0)
      pusher-signature (~> 0.1.8)
    pusher-signature (0.1.8)
    quiet_assets (1.1.0)
      railties (>= 3.1, < 5.0)
    rack (1.5.5)
    rack-attack (5.0.1)
      rack
    rack-cors (1.0.2)
    rack-pjax (1.0.0)
      nokogiri (~> 1.5)
      rack (>= 1.1)
    rack-protection (1.5.3)
      rack
    rack-test (0.6.3)
      rack (>= 1.0)
    rack-timeout (0.4.2)
    rack-utf8_sanitizer (1.4.0)
      rack (>= 1.0, < 3.0)
    rails (4.1.16)
      actionmailer (= 4.1.16)
      actionpack (= 4.1.16)
      actionview (= 4.1.16)
      activemodel (= 4.1.16)
      activerecord (= 4.1.16)
      activesupport (= 4.1.16)
      bundler (>= 1.3.0, < 2.0)
      railties (= 4.1.16)
      sprockets-rails (~> 2.0)
    rails-i18n (4.0.9)
      i18n (~> 0.7)
      railties (~> 4.0)
    rails-observers (0.1.5)
      activemodel (>= 4.0)
    rails_admin (1.1.1)
      builder (~> 3.1)
      coffee-rails (~> 4.0)
      font-awesome-rails (>= 3.0, < 5)
      haml (~> 4.0)
      jquery-rails (>= 3.0, < 5)
      jquery-ui-rails (~> 5.0)
      kaminari (~> 0.14)
      nested_form (~> 0.3)
      rack-pjax (>= 0.7)
      rails (>= 4.0, < 6)
      remotipart (~> 1.3)
      sass-rails (>= 4.0, < 6)
    railties (4.1.16)
      actionpack (= 4.1.16)
      activesupport (= 4.1.16)
      rake (>= 0.8.7)
      thor (>= 0.18.1, < 2.0)
    rainbow (3.0.0)
    raindrops (0.19.0)
    rake (12.0.0)
    rb-fsevent (0.9.8)
    rb-inotify (0.9.7)
      ffi (>= 0.5.0)
    rbtrace (0.4.10)
      ffi (>= 1.0.6)
      msgpack (>= 0.4.3)
      trollop (>= 1.16.2)
    recaptcha (4.6.4)
      json
    recursive-open-struct (1.0.5)
    redis (3.3.1)
    redis-actionpack (4.0.1)
      actionpack (~> 4)
      redis-rack (~> 1.5.0)
      redis-store (~> 1.1.0)
    redis-activesupport (4.1.5)
      activesupport (>= 3, < 5)
      redis-store (~> 1.1.0)
    redis-namespace (1.5.2)
      redis (~> 3.0, >= 3.0.4)
    redis-rack (1.5.0)
      rack (~> 1.5)
      redis-store (~> 1.1.0)
    redis-rails (4.0.0)
      redis-actionpack (~> 4)
      redis-activesupport (~> 4)
      redis-store (~> 1.1.0)
    redis-store (1.1.7)
      redis (>= 2.2)
    ref (2.0.0)
    remote_lock (1.1.0)
    remotipart (1.3.1)
    render_anywhere (0.0.10)
      rails (>= 3.0.7)
    representable (2.3.0)
      uber (~> 0.0.7)
    request_store (1.4.0)
      rack (>= 1.4)
    responders (1.1.2)
      railties (>= 3.2, < 4.2)
    rest-client (1.8.0)
      http-cookie (>= 1.0.2, < 2.0)
      mime-types (>= 1.16, < 3.0)
      netrc (~> 0.7)
    retriable (2.1.0)
    rgeo (0.6.0)
    rgeo-geojson (0.4.3)
      rgeo (~> 0.5)
    rinku (2.0.4)
    rubocop (0.52.1)
      parallel (~> 1.10)
      parser (>= 2.4.0.2, < 3.0)
      powerpack (~> 0.1)
      rainbow (>= 2.2.2, < 4.0)
      ruby-progressbar (~> 1.7)
      unicode-display_width (~> 1.0, >= 1.0.1)
    ruby-hmac (0.4.0)
    ruby-ll (2.1.2)
      ansi
      ast
    ruby-progressbar (1.9.0)
    rubypants (0.2.0)
    rubyzip (1.2.1)
    safe_yaml (1.0.4)
    sanitize (2.1.0)
      nokogiri (>= 1.4.4)
    sass (3.4.22)
    sass-rails (5.0.6)
      railties (>= 4.0.0, < 6)
      sass (~> 3.1)
      sprockets (>= 2.8, < 4.0)
      sprockets-rails (>= 2.0, < 4.0)
      tilt (>= 1.1, < 3)
    sassc (1.11.2)
      bundler
      ffi (~> 1.9.6)
      sass (>= 3.3.0)
    sassc-rails (1.3.0)
      railties (>= 4.0.0)
      sass
      sassc (~> 1.9)
      sprockets (> 2.11)
      sprockets-rails
      tilt
    savon (2.12.0)
      akami (~> 1.2)
      builder (>= 2.1.2)
      gyoku (~> 1.2)
      httpi (~> 2.3)
      nokogiri (>= 1.8.1)
      nori (~> 2.4)
      wasabi (~> 3.4)
    sax-machine (1.3.2)
    sidekiq (4.2.9)
      concurrent-ruby (~> 1.0)
      connection_pool (~> 2.2, >= 2.2.0)
      rack-protection (>= 1.5.0)
      redis (~> 3.2, >= 3.2.1)
    sidekiq-debounce (1.0.2)
      sidekiq (>= 3.1.0)
    sidekiq-status (0.5.4)
      sidekiq (>= 2.7)
    sidekiq-unique-jobs (5.0.10)
      sidekiq (>= 4.0, <= 6.0)
      thor (~> 0)
    signet (0.7.2)
      addressable (~> 2.3)
      faraday (~> 0.9)
      jwt (~> 1.5)
      multi_json (~> 1.10)
    simple_oauth (0.3.1)
    simple_xlsx_reader (1.0.2)
      nokogiri
      rubyzip
    socksify (1.7.1)
    soundcloud (0.3.4)
      hashie
      httmultiparty (~> 0.3.0)
    sprockets (3.7.0)
      concurrent-ruby (~> 1.0)
      rack (> 1, < 3)
    sprockets-rails (2.3.3)
      actionpack (>= 3.0)
      activesupport (>= 3.0)
      sprockets (>= 2.8, < 4.0)
    sqlite3 (1.3.13)
    sshkit (1.16.0)
      net-scp (>= 1.1.2)
      net-ssh (>= 2.8.0)
    stringex (2.8.2)
    strip_attributes (1.8.0)
      activemodel (>= 3.0, < 6.0)
    stripe (3.3.2)
      faraday (~> 0.9)
    stripe_tester (0.5.0)
    subexec (0.2.3)
    symbolize (4.5.2)
      activemodel (>= 3.2, < 5)
      activesupport (>= 3.2, < 5)
      i18n
    test_after_commit (1.1.0)
      activerecord (>= 3.2)
    therubyracer (0.12.3)
      libv8 (~> 3.16.14.15)
      ref
    thor (0.19.4)
    thread_safe (0.3.6)
    tilt (1.4.1)
    timecop (0.9.1)
    timers (4.0.4)
      hitimes
    trollop (2.1.2)
    ttfunk (1.5.1)
    tweetstream (2.6.1)
      daemons (~> 1.1)
      em-http-request (>= 1.1.1)
      em-twitter (~> 0.3)
      multi_json (~> 1.3)
      twitter (~> 5.5)
    twitter-text (2.1.0)
      idn-ruby
      unf (~> 0.1.0)
    twitter_cldr (4.2.0)
      camertron-eprun
      cldr-plurals-runtime-rb (~> 1.0)
      tzinfo
    typogruby (1.0.18)
      rubypants
    tzinfo (1.2.5)
      thread_safe (~> 0.1)
    uber (0.0.15)
    uglifier (4.1.6)
      execjs (>= 0.3.0, < 3)
    unf (0.1.4)
      unf_ext
    unf_ext (0.0.7.5)
    unicode-display_width (1.3.0)
    unicorn (5.4.0)
      kgio (~> 2.6)
      raindrops (~> 0.7)
    unicorn-worker-killer (0.4.4)
      get_process_mem (~> 0)
      unicorn (>= 4, < 6)
    uniform_notifier (1.11.0)
    valvat (0.7.1)
      savon (>= 2.3.0)
    vcr (4.0.0)
    video_info (2.7)
      iso8601 (~> 0.9.1)
      net_http_timeout_errors (~> 0.3.0)
      oga (~> 2.7)
    vimeo (1.5.4)
      httparty (>= 0.4.5)
      httpclient (>= 2.1.5.2)
      json (>= 1.1.9)
      multipart-post (>= 1.0.1)
      oauth (>= 0.4.3)
    warden (1.2.6)
      rack (>= 1.0)
    wasabi (3.5.0)
      httpi (~> 2.0)
      nokogiri (>= 1.4.2)
    webmock (1.24.6)
      addressable (>= 2.3.6)
      crack (>= 0.3.2)
      hashdiff
    websocket-driver (0.7.0)
      websocket-extensions (>= 0.1.0)
    websocket-extensions (0.1.3)
    wuparty (1.2.7)
      httparty (>= 0.6.1)
      mime-types (>= 1.16)
      multipart-post (>= 1.0.1)
    xpath (3.0.0)
      nokogiri (~> 1.8)
    yam (2.5.0)
      addressable (~> 2.4)
      multi_json (~> 1.8)
      oauth2-client (~> 2.0)
      oj (~> 2.14)
      rest-client (~> 1.8)

PLATFORMS
  ruby

DEPENDENCIES
  active_conductor (= 0.2.2)
  active_record_query_trace (= 1.5.4)
  acts-as-taggable-on!
  acts_as_tree (= 2.7.1)
  addressable (= 2.5.2)
  after_commit_exception_notification (= 0.2.0)
  amazon-ecs (= 2.5.0)
  attr_encrypted (= 3.0.3)
  auth0 (= 4.1.0)
  awrence (= 1.0.0)
  axlsx!
  axlsx_rails (~> 0.5.1)
  bullet (= 5.7.2)
  cancancan (= 1.15.0)
  capistrano (= 3.10.1)
  capistrano-bundler (= 1.3.0)
  capistrano-rails (= 1.3.1)
  capybara (= 2.17.0)
  clarinet (= 0.5.1)
  coderay (= 1.1.2)
  countries (= 0.9.3)
  country_select (~> 2.0.0)
  crack (= 0.4.3)
  curb (= 0.9.4)
  database_cleaner (= 1.6.2)
  devise (= 3.5.10)
  dogstatsd-ruby (~> 1.5.0)
  ejson (~> 1.1.0)
  elasticsearch (~> 2.0.2)
  factory_bot_rails (= 4.8.2)
  faker (= 1.8.7)
  faraday (= 0.9.2)
  faraday_middleware (= 0.9.2)
  fast_blank (= 1.0.0)
  fastimage (= 2.1.1)
  feedjira (= 2.1.2)
  fog-rackspace (~> 0.1.1)
  fork_break (~> 0.1.4)
  garb!
  google-api-client (~> 0.9.2)
  google_plus (= 0.2.4)
  handlebars_assets (= 0.23.2)
  hipchat (= 1.6.0)
  hominid-wout (~> 3.0.6)
  html_truncator (= 0.4.2)
  httparty (= 0.14.0)
  instagram (= 1.1.6)
  intercom (= 3.5.23)
  intercom-rails (= 0.3.8)
  jbuilder (= 1.5.0)
  jquery-fileupload-rails (~> 0.3.4)
  koala (= 1.11.1)
  konacha (= 4.0.0)
  language_list (= 1.2.1)
  launchy (~> 2.4)
  linkedin-oauth2 (= 1.0.0)
  lograge (= 0.9.0)
  logstash-event (= 1.2.02)
  logstash-logger (= 0.26.0)
  mailman (= 0.7.3)
  memory_profiler (= 0.9.8)
  mini_magick (~> 3.7.0)
  minitest (= 5.11.3)
  minitest-rails (= 2.2.1)
  minitest-stub-const (= 0.6)
  mysql2 (= 0.3.20)
  nokogiri (= 1.8.2)
  non-stupid-digest-assets (= 1.0.9)
  oauth (= 0.4.7)
  oauth2 (= 1.4.0)
  omniauth-google-oauth2 (= 0.5.3)
  opengraph_parser!
  plissken (= 0.2.0)
  poltergeist (= 1.17.0)
  prawn (= 2.2.2)
  prawn-svg (= 0.27.1)
  pry-rails (= 0.3.6)
  pusher (= 1.3.1)
  quiet_assets (= 1.1.0)
  rack-attack (= 5.0.1)
  rack-cors (= 1.0.2)
  rack-timeout
  rack-utf8_sanitizer (= 1.4.0)
  rails (= 4.1.16)
  rails-i18n (~> 4.0.8)
  rails-observers (~> 0.1.5)
  rails_admin (= 1.1.1)
  rbtrace (= 0.4.10)
  recaptcha (= 4.6.4)
  recursive-open-struct (= 1.0.5)
  redis (= 3.3.1)
  redis-namespace (= 1.5.2)
  redis-rails (~> 4.0)
  redvine!
  remote_lock (~> 1.1.0)
  render_anywhere (= 0.0.10)
  rgeo (= 0.6.0)
  rgeo-geojson (= 0.4.3)
  rinku (= 2.0.4)
  rubocop (= 0.52.1)
  rubypress!
  sanitize (= 2.1.0)
  sassc-rails (= 1.3.0)
  savon (~> 2.12.0)
  sax-machine (~> 1.3.1)
  sidekiq (= 4.2.9)
  sidekiq-debounce (= 1.0.2)
  sidekiq-status (~> 0.5.4)
  sidekiq-unique-jobs (= 5.0.10)
  simple_xlsx_reader (= 1.0.2)
  soundcloud (= 0.3.4)
  sqlite3 (= 1.3.13)
  stringex (= 2.8.2)
  strip_attributes (= 1.8.0)
  stripe (= 3.3.2)
  stripe_tester (~> 0.5.0)
  test_after_commit (= 1.1.0)
  themes_for_rails!
  therubyracer (= 0.12.3)
  timecop (= 0.9.1)
  tweetstream (= 2.6.1)
  twitter!
  twitter-text (= 2.1.0)
  twitter_cldr (= 4.2.0)
  typogruby (= 1.0.18)
  uglifier (= 4.1.6)
  unf (= 0.1.4)
  unicorn (= 5.4.0)
  unicorn-worker-killer (= 0.4.4)
  valvat (~> 0.7.1)
  vcr (= 4.0.0)
  video_info (= 2.7.0)
  vimeo (~> 1.5.4)
  webmock (= 1.24.6)
  wuparty (= 1.2.7)
  yam (= 2.5.0)

RUBY VERSION
   ruby 2.3.6p384

BUNDLED WITH
   1.16.1
